GEM
  remote: https://rubygems.org/
  specs:
    coderay (1.1.2)
    dotenv (2.7.5)
    method_source (0.9.2)
    mini_portile2 (2.5.1)
    nokogiri (1.11.4)
      mini_portile2 (~> 2.5.0)
      racc (~> 1.4)
    pry (0.12.2)
      coderay (~> 1.1.0)
      method_source (~> 0.9.0)
    racc (1.5.2)

PLATFORMS
  ruby

DEPENDENCIES
  dotenv
  nokogiri
  pry

RUBY VERSION
   ruby 2.5.1p57

BUNDLED WITH
   2.0.2
